GIT
  remote: git://github.com/mark-rushakoff/right_hook.git
  revision: c31cd680edadbf8ce17c9bcad71a78c9b30eba74
  ref: master
  specs:
    right_hook (0.3.2)
      httparty (~> 0.11.0)
      octokit (~> 2.2)
      sinatra (~> 1.4)

GEM
  remote: https://rubygems.org/
  specs:
    addressable (2.3.5)
    faraday (0.8.8)
      multipart-post (~> 1.2.0)
    httparty (0.11.0)
      multi_json (~> 1.0)
      multi_xml (>= 0.5.2)
    multi_json (1.8.0)
    multi_xml (0.5.5)
    multipart-post (1.2.0)
    octokit (2.2.0)
      sawyer (~> 0.5.1)
    rack (1.5.2)
    rack-protection (1.5.0)
      rack
    rake (10.1.0)
    sawyer (0.5.1)
      addressable (~> 2.3.5)
      faraday (~> 0.8, < 0.10)
    sinatra (1.4.3)
      rack (~> 1.4)
      rack-protection (~> 1.4)
      tilt (~> 1.3, >= 1.3.4)
    tilt (1.4.1)

PLATFORMS
  ruby

DEPENDENCIES
  rake
  right_hook!
